

GROUP Build
NUGET
  remote: https://www.nuget.org/api/v2
  specs:
    FAKE (4.14.5)
    FSharp.Compiler.Service (1.4.2.3)
    FSharp.Core (4.0.0.1)
    FSharp.Formatting (2.13.2)
      FSharp.Compiler.Service (>= 1.4.2 < 1.5)
      FSharpVSPowerTools.Core (>= 2.2 < 2.3)
    FSharpVSPowerTools.Core (2.2)
      FSharp.Compiler.Service (>= 1.4.2)
    FsXaml.Wpf (2.1)
    Microsoft.Bcl (1.1.10) - framework: net10, net11, net20, net30, net35, net40, net40-full
      Microsoft.Bcl.Build (>= 1.0.14)
    Microsoft.Bcl.Build (1.0.21) - import_targets: false, framework: net10, net11, net20, net30, net35, net40, net40-full
    Microsoft.Net.Http (2.2.29) - framework: net10, net11, net20, net30, net35, net40, net40-full
      Microsoft.Bcl (>= 1.1.10)
      Microsoft.Bcl.Build (>= 1.0.14)
    Octokit (0.17)
      Microsoft.Net.Http
    SourceLink.Fake (1.1)
    WPtoolkit (4.2013.8.16) - framework: wpv8.0
    Xamarin.Android.Support.Animated.Vector.Drawable (23.3) - framework: monoandroid
      Xamarin.Android.Support.v4 (23.3)
      Xamarin.Android.Support.Vector.Drawable (23.3)
    Xamarin.Android.Support.Design (23.3) - framework: monoandroid
      Xamarin.Android.Support.v4 (23.3)
      Xamarin.Android.Support.v7.AppCompat (23.3)
      Xamarin.Android.Support.v7.RecyclerView (23.3)
    Xamarin.Android.Support.v4 (23.3) - framework: monoandroid
    Xamarin.Android.Support.v7.AppCompat (23.3) - framework: monoandroid
      Xamarin.Android.Support.Animated.Vector.Drawable (23.3)
      Xamarin.Android.Support.v4 (23.3)
      Xamarin.Android.Support.Vector.Drawable (23.3)
    Xamarin.Android.Support.v7.CardView (23.3) - framework: monoandroid
    Xamarin.Android.Support.v7.MediaRouter (23.3) - framework: monoandroid
      Xamarin.Android.Support.v4 (23.3)
      Xamarin.Android.Support.v7.AppCompat (23.3)
    Xamarin.Android.Support.v7.RecyclerView (23.3) - framework: monoandroid
      Xamarin.Android.Support.v4 (23.3)
    Xamarin.Android.Support.Vector.Drawable (23.3) - framework: monoandroid
      Xamarin.Android.Support.v4 (23.3)
    Xamarin.Forms (2.2.0.45)
      WPtoolkit (>= 4.2013.8.16) - framework: wpv8.0
      Xamarin.Android.Support.Design (23.3) - framework: monoandroid
      Xamarin.Android.Support.v4 (23.3) - framework: monoandroid
      Xamarin.Android.Support.v7.AppCompat (23.3) - framework: monoandroid
      Xamarin.Android.Support.v7.CardView (23.3) - framework: monoandroid
      Xamarin.Android.Support.v7.MediaRouter (23.3) - framework: monoandroid
GITHUB
  remote: fsharp/FAKE
  specs:
    modules/Octokit/Octokit.fsx (be2eea40d8445637c3adb5700377b56c3fe1a274)
      Octokit
GROUP Test
NUGET
  remote: https://www.nuget.org/api/v2
  specs:
    NUnit (2.6.4)
    NUnit.Runners (2.6.4)
